GEM
  remote: http://rubygems.org/
  specs:
    bubble-wrap (1.1.2)

PLATFORMS
  ruby

DEPENDENCIES
  bubble-wrap (~> 1.1.0)
